GEM
  remote: https://rubygems.org/
  specs:
    actioncable (7.0.7)
      actionpack (= 7.0.7)
      activesupport (= 7.0.7)
      nio4r (~> 2.0)
      websocket-driver (>= 0.6.1)
    actionmailbox (7.0.7)
      actionpack (= 7.0.7)
      activejob (= 7.0.7)
      activerecord (= 7.0.7)
      activestorage (= 7.0.7)
      activesupport (= 7.0.7)
      mail (>= 2.7.1)
      net-imap
      net-pop
      net-smtp
    actionmailer (7.0.7)
      actionpack (= 7.0.7)
      actionview (= 7.0.7)
      activejob (= 7.0.7)
      activesupport (= 7.0.7)
      mail (~> 2.5, >= 2.5.4)
      net-imap
      net-pop
      net-smtp
      rails-dom-testing (~> 2.0)
    actionpack (7.0.7)
      actionview (= 7.0.7)
      activesupport (= 7.0.7)
      rack (~> 2.0, >= 2.2.4)
      rack-test (>= 0.6.3)
      rails-dom-testing (~> 2.0)
      rails-html-sanitizer (~> 1.0, >= 1.2.0)
    actiontext (7.0.7)
      actionpack (= 7.0.7)
      activerecord (= 7.0.7)
      activestorage (= 7.0.7)
      activesupport (= 7.0.7)
      globalid (>= 0.6.0)
      nokogiri (>= 1.8.5)
    actionview (7.0.7)
      activesupport (= 7.0.7)
      builder (~> 3.1)
      erubi (~> 1.4)
      rails-dom-testing (~> 2.0)
      rails-html-sanitizer (~> 1.1, >= 1.2.0)
    activejob (7.0.7)
      activesupport (= 7.0.7)
      globalid (>= 0.3.6)
    activemodel (7.0.7)
      activesupport (= 7.0.7)
    activerecord (7.0.7)
      activemodel (= 7.0.7)
      activesupport (= 7.0.7)
    activestorage (7.0.7)
      actionpack (= 7.0.7)
      activejob (= 7.0.7)
      activerecord (= 7.0.7)
      activesupport (= 7.0.7)
      marcel (~> 1.0)
      mini_mime (>= 1.1.0)
    activesupport (7.0.7)
      concurrent-ruby (~> 1.0, >= 1.0.2)
      i18n (>= 1.6, < 2)
      minitest (>= 5.1)
      tzinfo (~> 2.0)
    addressable (2.8.5)
      public_suffix (>= 2.0.2, < 6.0)
    builder (3.2.4)
    byebug (11.1.3)
    capybara (2.4.4)
      mime-types (>= 1.16)
      nokogiri (>= 1.3.3)
      rack (>= 1.0.0)
      rack-test (>= 0.5.4)
      xpath (~> 2.0)
    celluloid (0.16.0)
      timers (~> 4.0.0)
    concurrent-ruby (1.2.2)
    crass (1.0.6)
    cucumber (2.0.0)
      builder (>= 2.1.2)
      cucumber-core (~> 1.1.3)
      diff-lcs (>= 1.1.3)
      gherkin (~> 2.12)
      multi_json (>= 1.7.5, < 2.0)
      multi_test (>= 0.1.2)
    cucumber-core (1.1.3)
      gherkin (~> 2.12.0)
    cucumber-sinatra (0.5.0)
      templater (>= 1.0.0)
    date (3.3.3)
    diff-lcs (1.5.0)
    erubi (1.12.0)
    extlib (0.9.16)
    ffi (1.15.5)
    gherkin (2.12.2)
      multi_json (~> 1.3)
    globalid (1.1.0)
      activesupport (>= 5.0)
    highline (2.1.0)
    hitimes (2.0.0)
    i18n (1.14.1)
      concurrent-ruby (~> 1.0)
    launchy (2.4.3)
      addressable (~> 2.3)
    listen (2.10.1)
      celluloid (~> 0.16.0)
      rb-fsevent (>= 0.9.3)
      rb-inotify (>= 0.9)
    loofah (2.21.3)
      crass (~> 1.0.2)
      nokogiri (>= 1.12.0)
    mail (2.8.1)
      mini_mime (>= 0.1.1)
      net-imap
      net-pop
      net-smtp
    marcel (1.0.2)
    method_source (1.0.0)
    mime-types (3.5.0)
      mime-types-data (~> 3.2015)
    mime-types-data (3.2023.0808)
    mini_mime (1.1.5)
    minitest (5.19.0)
    multi_json (1.15.0)
    multi_test (1.1.0)
    mustermann (3.0.0)
      ruby2_keywords (~> 0.0.1)
    net-imap (0.3.7)
      date
      net-protocol
    net-pop (0.1.2)
      net-protocol
    net-protocol (0.2.1)
      timeout
    net-smtp (0.3.3)
      net-protocol
    nio4r (2.5.9)
    nokogiri (1.15.4-x86_64-linux)
      racc (~> 1.4)
    public_suffix (5.0.3)
    racc (1.7.1)
    rack (2.2.8)
    rack-protection (3.1.0)
      rack (~> 2.2, >= 2.2.4)
    rack-test (0.6.3)
      rack (>= 1.0)
    rails (7.0.7)
      actioncable (= 7.0.7)
      actionmailbox (= 7.0.7)
      actionmailer (= 7.0.7)
      actionpack (= 7.0.7)
      actiontext (= 7.0.7)
      actionview (= 7.0.7)
      activejob (= 7.0.7)
      activemodel (= 7.0.7)
      activerecord (= 7.0.7)
      activestorage (= 7.0.7)
      activesupport (= 7.0.7)
      bundler (>= 1.15.0)
      railties (= 7.0.7)
    rails-dom-testing (2.2.0)
      activesupport (>= 5.0.0)
      minitest
      nokogiri (>= 1.6)
    rails-html-sanitizer (1.6.0)
      loofah (~> 2.21)
      nokogiri (~> 1.14)
    railties (7.0.7)
      actionpack (= 7.0.7)
      activesupport (= 7.0.7)
      method_source
      rake (>= 12.2)
      thor (~> 1.0)
      zeitwerk (~> 2.5)
    rake (13.0.6)
    rb-fsevent (0.11.2)
    rb-inotify (0.10.1)
      ffi (~> 1.0)
    rerun (0.10.0)
      listen (~> 2.7, >= 2.7.3)
    rspec (3.3.0)
      rspec-core (~> 3.3.0)
      rspec-expectations (~> 3.3.0)
      rspec-mocks (~> 3.3.0)
    rspec-autotest (1.0.0)
      rspec-core (>= 2.99.0.beta1, < 4.0.0)
    rspec-core (3.3.2)
      rspec-support (~> 3.3.0)
    rspec-expectations (3.3.1)
      diff-lcs (>= 1.2.0, < 2.0)
      rspec-support (~> 3.3.0)
    rspec-mocks (3.3.2)
      diff-lcs (>= 1.2.0, < 2.0)
      rspec-support (~> 3.3.0)
    rspec-support (3.3.0)
    ruby2_keywords (0.0.5)
    sinatra (3.1.0)
      mustermann (~> 3.0)
      rack (~> 2.2, >= 2.2.4)
      rack-protection (= 3.1.0)
      tilt (~> 2.0)
    templater (1.0.0)
      diff-lcs (>= 1.1.2)
      extlib (>= 0.9.5)
      highline (>= 1.4.0)
    thor (1.2.2)
    tilt (2.2.0)
    timeout (0.4.0)
    timers (4.0.4)
      hitimes
    tzinfo (2.0.6)
      concurrent-ruby (~> 1.0)
    webrick (1.8.1)
    websocket-driver (0.7.6)
      websocket-extensions (>= 0.1.0)
    websocket-extensions (0.1.5)
    xpath (2.1.0)
      nokogiri (~> 1.3)
    zeitwerk (2.6.11)

PLATFORMS
  x86_64-linux

DEPENDENCIES
  byebug
  capybara (= 2.4.4)
  cucumber (= 2.0.0)
  cucumber-sinatra (= 0.5.0)
  launchy (= 2.4.3)
  rack-test (= 0.6.3)
  rails
  rerun (= 0.10.0)
  rspec (= 3.3.0)
  rspec-autotest (= 1.0.0)
  sinatra (>= 1.4)
  webrick

RUBY VERSION
   ruby 3.2.2p53

BUNDLED WITH
   2.4.10
